GEM
  remote: https://rubygems.org/
  specs:
    gmail-britta (0.1.7)
      haml (~> 3.1.6)
    haml (3.1.8)

PLATFORMS
  x86_64-linux

DEPENDENCIES
  gmail-britta (~> 0.1.7)

BUNDLED WITH
   2.4.10
